GIT
  remote: https://github.com/coinbase/coinbase-ruby.git
  revision: 51780c7b7e65adc805e061926b1138db83b7bcb1
  branch: master
  specs:
    coinbase (4.1.0)

GEM
  remote: https://rubygems.org/
  specs:
    i18n (0.8.1)
    monetize (1.6.0)
      money (~> 6.8)
    money (6.8.2)
      i18n (>= 0.6.4, < 0.9)
      sixarm_ruby_unaccent (>= 1.1.1, < 2)
    sixarm_ruby_unaccent (1.1.1)

PLATFORMS
  ruby

DEPENDENCIES
  coinbase!
  monetize

RUBY VERSION
   ruby 2.4.1p111

BUNDLED WITH
   1.14.6
